GEM
  remote: https://rubygems.org/
  specs:
    thread (0.2.2)

PLATFORMS
  x64-mingw-ucrt

DEPENDENCIES
  thread

BUNDLED WITH
   2.4.21
